GEM
  remote: https://rubygems.org/

PLATFORMS
  ruby

RUBY VERSION
  ruby 3.1.4
